GEM
  remote: https://rubygems.org/
  specs:
    libv8 (3.16.14.19)
    ref (2.0.0)
    therubyracer (0.12.3)
      libv8 (~> 3.16.14.15)
      ref

PLATFORMS
  ruby

DEPENDENCIES
  therubyracer

BUNDLED WITH
   1.14.6
