PATH
  remote: .
  specs:
    complate-ruby (0.0.1)
      therubyracer

GEM
  remote: https://rubygems.org/
  specs:
    libv8 (3.16.14.19)
    minitest (5.10.3)
    rake (10.4.2)
    ref (2.0.0)
    therubyracer (0.12.3)
      libv8 (~> 3.16.14.15)
      ref

PLATFORMS
  ruby

DEPENDENCIES
  bundler (~> 1.14)
  complate-ruby!
  minitest (~> 5.0)
  rake (~> 10.0)
  therubyracer

BUNDLED WITH
   1.14.6
